GEM
  remote: https://rubygems.org/
  specs:
    artii (2.0.3)
    better_errors (0.8.0)
      coderay (>= 1.0.0)
      erubis (>= 2.6.6)
    binding_of_caller (0.7.1)
      debug_inspector (>= 0.0.1)
    coderay (1.0.9)
    columnize (0.3.6)
    debug_inspector (0.0.2)
    debugger (1.5.0)
      columnize (>= 0.3.1)
      debugger-linecache (~> 1.2.0)
      debugger-ruby_core_source (~> 1.2.0)
    debugger-linecache (1.2.0)
    debugger-ruby_core_source (1.2.0)
    erubis (2.7.0)
    mixlib-config (1.1.2)
    nokogiri (1.5.9)
    nori (2.2.0)
    rack (1.5.2)
    rack-protection (1.5.0)
      rack
    sinatra (1.4.2)
      rack (~> 1.5, >= 1.5.2)
      rack-protection (~> 1.4)
      tilt (~> 1.3, >= 1.3.4)
    slim (1.0.1)
      temple (~> 0.3.0)
      tilt (~> 1.2)
    sqlite3 (1.3.7)
    temple (0.3.5)
    tilt (1.4.0)

PLATFORMS
  ruby

DEPENDENCIES
  artii
  better_errors
  binding_of_caller
  debugger
  mixlib-config
  nokogiri
  nori
  rack
  sinatra
  slim
  sqlite3
